GEM
  remote: http://rubygems.org/
  specs:
    abstract (1.0.0)
    actionmailer (3.0.0)
      actionpack (= 3.0.0)
      mail (~> 2.2.5)
    actionpack (3.0.0)
      activemodel (= 3.0.0)
      activesupport (= 3.0.0)
      builder (~> 2.1.2)
      erubis (~> 2.6.6)
      i18n (~> 0.4.1)
      rack (~> 1.2.1)
      rack-mount (~> 0.6.12)
      rack-test (~> 0.5.4)
      tzinfo (~> 0.3.23)
    activemodel (3.0.0)
      activesupport (= 3.0.0)
      builder (~> 2.1.2)
      i18n (~> 0.4.1)
    activerecord (3.0.0)
      activemodel (= 3.0.0)
      activesupport (= 3.0.0)
      arel (~> 1.0.0)
      tzinfo (~> 0.3.23)
    activeresource (3.0.0)
      activemodel (= 3.0.0)
      activesupport (= 3.0.0)
    activesupport (3.0.0)
    andand (1.3.1)
    arel (1.0.1)
      activesupport (~> 3.0.0)
    babosa (0.2.0)
    bcrypt-ruby (2.1.2)
    builder (2.1.2)
    chronic (0.2.3)
      hoe (>= 1.2.1)
    compass (0.10.5)
      haml (>= 3.0.4)
    crack (0.1.6)
    daemons (1.1.0)
    delayed_job (2.0.3)
      daemons
    delayed_paperclip (0.6.5)
      paperclip (>= 2.3.0)
    devise (1.1.2)
      bcrypt-ruby (~> 2.1.2)
      warden (~> 0.10.7)
    erubis (2.6.6)
      abstract (>= 1.0.0)
    factory_girl (1.3.2)
    formtastic (1.1.0)
      actionpack (>= 2.3.0)
      activesupport (>= 2.3.0)
      i18n (>= 0.4.0)
    friendly_id (3.1.6)
      babosa (~> 0.2.0)
    haml (3.0.18)
    hashie (0.2.2)
    hoe (2.6.2)
      rake (>= 0.8.7)
      rubyforge (>= 2.0.4)
    httparty (0.5.2)
      crack (= 0.1.6)
    i18n (0.4.1)
    json_pure (1.4.6)
    mail (2.2.6)
      activesupport (>= 2.3.6)
      mime-types
      treetop (>= 1.4.5)
    mime-types (1.16)
    mocha (0.9.8)
      rake
    oauth (0.4.3)
    paperclip (2.3.3)
      activerecord
      activesupport
    polyglot (0.3.1)
    rack (1.2.1)
    rack-mount (0.6.13)
      rack (>= 1.0.0)
    rack-test (0.5.4)
      rack (>= 1.0)
    rails (3.0.0)
      actionmailer (= 3.0.0)
      actionpack (= 3.0.0)
      activerecord (= 3.0.0)
      activeresource (= 3.0.0)
      activesupport (= 3.0.0)
      bundler (~> 1.0.0)
      railties (= 3.0.0)
    railties (3.0.0)
      actionpack (= 3.0.0)
      activesupport (= 3.0.0)
      rake (>= 0.8.4)
      thor (~> 0.14.0)
    rake (0.8.7)
    rspec (1.3.0)
    rspec-rails (1.3.2)
      rack (>= 1.0.0)
      rspec (>= 1.3.0)
    rubyforge (2.0.4)
      json_pure (>= 1.1.7)
    shoulda (2.11.3)
    sqlite3-ruby (1.3.1)
    thor (0.14.0)
    timecop (0.3.5)
    treetop (1.4.8)
      polyglot (>= 0.3.1)
    twitter (0.9.8)
      hashie (~> 0.2.0)
      httparty (~> 0.5.0)
      oauth (~> 0.4.1)
      yajl-ruby (~> 0.7.0)
    twitter-login (0.2.3)
      twitter (~> 0.9.5)
    tzinfo (0.3.23)
    verbs (2.0.9)
      activesupport (>= 2.3.4)
      andand (>= 1.3.1)
    warden (0.10.7)
      rack (>= 1.0.0)
    will_paginate (2.3.15)
    yajl-ruby (0.7.7)

PLATFORMS
  ruby

DEPENDENCIES
  chronic
  compass (>= 0.10.1)
  delayed_job
  delayed_paperclip
  devise
  factory_girl
  formtastic
  friendly_id
  haml
  mocha
  paperclip
  rails (= 3.0.0)
  rspec (>= 1.2.0)
  rspec-rails (>= 1.2.0)
  shoulda
  sqlite3-ruby
  timecop
  twitter
  twitter-login (~> 0.2.1)
  verbs
  warden
  will_paginate
